PATH
  remote: .
  specs:
    fastly-compute_edge (0.1.0)

GEM
  remote: https://rubygems.org/
  specs:
    rake (13.0.6)

PLATFORMS
  arm64-darwin-20

DEPENDENCIES
  fastly-compute_edge!
  rake (~> 13.0)

BUNDLED WITH
   2.3.0.dev
